GEM
  remote: https://rubygems.org/
  specs:
    json (2.6.3)
    logger (1.5.3)
    mustermann (3.0.0)
      ruby2_keywords (~> 0.0.1)
    nio4r (2.5.9)
    puma (6.4.0)
      nio4r (~> 2.0)
    rack (2.2.8)
    rack-protection (3.1.0)
      rack (~> 2.2, >= 2.2.4)
    ruby2_keywords (0.0.5)
    sinatra (3.1.0)
      mustermann (~> 3.0)
      rack (~> 2.2, >= 2.2.4)
      rack-protection (= 3.1.0)
      tilt (~> 2.0)
    tilt (2.3.0)

PLATFORMS
  x86_64-linux

DEPENDENCIES
  json (~> 2.6)
  logger (~> 1.5)
  puma (~> 6.4)
  sinatra (~> 3.0)

RUBY VERSION
   ruby 3.2.2p53

BUNDLED WITH
   2.4.18
